GEM
  remote: https://rubygems.org/
  specs:
    dbf (4.1.2)
    mini_portile2 (2.4.0)
    nokogiri (1.10.3-x64-mingw32)
      mini_portile2 (~> 2.4.0)
    rubyXL (3.4.5)
      nokogiri (>= 1.4.4)
      rubyzip (>= 1.1.6)
    rubyzip (1.2.3)

PLATFORMS
  x64-mingw32

DEPENDENCIES
  dbf!
  rubyXL!

BUNDLED WITH
   2.0.2
